GEM
  remote: https://rubygems.org/
  specs:
    bootstrap-sass (2.0.3.1)
    chunky_png (1.2.5)
    compass (0.12.1)
      chunky_png (~> 1.2)
      fssm (>= 0.2.7)
      sass (~> 3.1)
    fssm (0.2.9)
    sass (3.1.18)

PLATFORMS
  ruby

DEPENDENCIES
  bootstrap-sass
  compass
